GIT
  remote: git://github.com/technoweenie/faraday
  revision: 3aa840d012875ee80410e2e627f23fba3d508fa9
  ref: 3aa840d012875ee80410
  specs:
    faraday (0.4.6)
      addressable (>= 2.1.1)
      rack (>= 1.0.1)

GEM
  remote: http://rubygems.org/
  specs:
    addressable (2.2.7)
    coderay (1.0.6)
    haml (2.2.17)
    json (1.6.6)
    kgio (2.7.4)
    mime-types (1.18)
    nokogiri (1.5.2)
    rack (1.4.1)
    rack-codehighlighter (0.5.0)
      nokogiri (>= 1.4.1)
      rack (>= 1.0.0)
    rack-protection (1.2.0)
      rack
    raindrops (0.8.0)
    rake (0.9.2.2)
    rdiscount (1.6.8)
    rest-client (1.2.0)
      mime-types (>= 1.16)
    shotgun (0.9)
      rack (>= 1.0)
    sinatra (1.3.2)
      rack (~> 1.3, >= 1.3.6)
      rack-protection (~> 1.2)
      tilt (~> 1.3, >= 1.3.3)
    tilt (1.3.3)
    unicorn (4.2.1)
      kgio (~> 2.6)
      rack
      raindrops (~> 0.7)

PLATFORMS
  ruby

DEPENDENCIES
  coderay
  faraday!
  haml (= 2.2.17)
  json
  rack-codehighlighter
  rake
  rdiscount (= 1.6.8)
  rest-client (= 1.2.0)
  shotgun (~> 0.9)
  sinatra (= 1.3.2)
  unicorn (~> 4.2.1)
