GEM
  remote: https://rubygems.org/
  specs:
    addressable (2.2.7)
    airbrake (3.1.5)
      builder
      girl_friday
    builder (3.1.3)
    coderay (1.0.6)
    connection_pool (0.9.2)
    dalli (2.1.0)
    faraday (0.7.6)
      addressable (~> 2.2)
      multipart-post (~> 1.1)
      rack (~> 1.1)
    faraday-stack (0.1.5)
      faraday (>= 0.6, < 0.8)
    fluent-logger (0.4.9)
      msgpack (>= 0.4.4, < 0.6.0, != 0.5.3, != 0.5.2, != 0.5.1, != 0.5.0)
      yajl-ruby (~> 1.0)
    girl_friday (0.10.0)
      connection_pool (~> 0.9.0)
    haml (2.2.17)
    hirb (0.7.2)
    httpclient (2.4.0)
    indextank (1.0.12)
      faraday-stack
      yajl-ruby (>= 0.7.7)
    jemalloc (0.1.7)
    jsmin (1.0.1)
    json (1.8.1)
    kgio (2.9.2)
    mime-types (1.18)
    msgpack (0.5.9)
    multipart-post (1.1.5)
    newrelic_rpm (3.5.7.59)
    nokogiri (1.5.2)
    parallel (0.6.5)
    rack (1.5.2)
    rack-cache (1.2)
      rack (>= 0.4)
    rack-canonical-host (0.0.8)
      addressable
      rack (~> 1.0)
    rack-codehighlighter (0.5.0)
      nokogiri (>= 1.4.1)
      rack (>= 1.0.0)
    rack-protection (1.5.3)
      rack
    rack-test (0.6.2)
      rack (>= 1.0)
    raindrops (0.13.0)
    rake (0.9.2.2)
    rdiscount (1.6.8)
    rest-client (1.2.0)
      mime-types (>= 1.16)
    rubyzip (0.9.9)
    sanitize (2.0.3)
      nokogiri (>= 1.4.4, < 1.6)
    shotgun (0.9)
      rack (>= 1.0)
    sinatra (1.4.5)
      rack (~> 1.4)
      rack-protection (~> 1.4)
      tilt (~> 1.3, >= 1.3.4)
    sinatra-assetpack (0.3.3)
      jsmin
      rack-test
      sinatra
      tilt (>= 1.3.0, < 2.0)
    td (0.11.5)
      hirb (>= 0.4.5)
      msgpack (>= 0.4.4, < 0.6.0, != 0.5.3, != 0.5.2, != 0.5.1, != 0.5.0)
      parallel (~> 0.6.1)
      rubyzip (~> 0.9.9)
      td-client (~> 0.8.66)
      td-logger (~> 0.3.21)
      yajl-ruby (~> 1.1)
    td-client (0.8.66)
      httpclient (~> 2.4.0)
      json (>= 1.7.6)
      msgpack (>= 0.4.4, < 0.6.0, != 0.5.3, != 0.5.2, != 0.5.1, != 0.5.0)
    td-logger (0.3.23)
      fluent-logger (~> 0.4.6)
      msgpack (>= 0.4.4, < 0.6.0, != 0.5.3, != 0.5.2, != 0.5.1, != 0.5.0)
      td-client (~> 0.8.51)
    tilt (1.4.1)
    unicorn (4.8.3)
      kgio (~> 2.6)
      rack
      raindrops (~> 0.7)
    unicorn-worker-killer (0.2.0)
      unicorn (~> 4)
    yajl-ruby (1.1.0)

PLATFORMS
  ruby

DEPENDENCIES
  airbrake (~> 3.1.5)
  coderay
  dalli (~> 2.1.0)
  haml (= 2.2.17)
  indextank (~> 1.0.12)
  jemalloc (~> 0.1.7)
  newrelic_rpm (~> 3.5.7.59)
  rack-cache (~> 1.2)
  rack-canonical-host (~> 0.0.8)
  rack-codehighlighter
  rake
  rdiscount (= 1.6.8)
  rest-client (= 1.2.0)
  sanitize
  shotgun (~> 0.9)
  sinatra (= 1.4.5)
  sinatra-assetpack (= 0.3.3)
  td (= 0.11.5)
  unicorn (~> 4.8.3)
  unicorn-worker-killer (~> 0.2.0)
