GEM
  remote: http://rubygems.org/
  specs:
    addressable (2.2.7)
    coderay (1.0.6)
    faraday (0.7.6)
      addressable (~> 2.2)
      multipart-post (~> 1.1)
      rack (~> 1.1)
    faraday-stack (0.1.5)
      faraday (>= 0.6, < 0.8)
    haml (2.2.17)
    indextank (1.0.12)
      faraday-stack
      yajl-ruby (>= 0.7.7)
    je (0.0.6)
    json (1.6.6)
    kgio (2.7.4)
    mime-types (1.18)
    multipart-post (1.1.5)
    newrelic_rpm (3.4.1)
    nokogiri (1.5.2)
    rack (1.4.1)
    rack-codehighlighter (0.5.0)
      nokogiri (>= 1.4.1)
      rack (>= 1.0.0)
    rack-protection (1.2.0)
      rack
    raindrops (0.8.0)
    rake (0.9.2.2)
    rdiscount (1.6.8)
    rest-client (1.2.0)
      mime-types (>= 1.16)
    sanitize (2.0.3)
      nokogiri (>= 1.4.4, < 1.6)
    shotgun (0.9)
      rack (>= 1.0)
    sinatra (1.3.2)
      rack (~> 1.3, >= 1.3.6)
      rack-protection (~> 1.2)
      tilt (~> 1.3, >= 1.3.3)
    tilt (1.3.3)
    unicorn (4.2.1)
      kgio (~> 2.6)
      rack
      raindrops (~> 0.7)
    yajl-ruby (1.1.0)

PLATFORMS
  ruby

DEPENDENCIES
  coderay
  haml (= 2.2.17)
  indextank (~> 1.0.12)
  je (= 0.0.6)
  json
  newrelic_rpm (~> 3.4.1)
  rack-codehighlighter
  rake
  rdiscount (= 1.6.8)
  rest-client (= 1.2.0)
  sanitize
  shotgun (~> 0.9)
  sinatra (= 1.3.2)
  unicorn (~> 4.2.1)
