GEM
  remote: http://rubygems.org/
  specs:
    addressable (2.2.7)
    airbrake (3.1.5)
      builder
      girl_friday
    builder (3.1.3)
    coderay (1.0.6)
    connection_pool (0.9.2)
    dalli (2.1.0)
    faraday (0.7.6)
      addressable (~> 2.2)
      multipart-post (~> 1.1)
      rack (~> 1.1)
    faraday-stack (0.1.5)
      faraday (>= 0.6, < 0.8)
    girl_friday (0.10.0)
      connection_pool (~> 0.9.0)
    haml (2.2.17)
    indextank (1.0.12)
      faraday-stack
      yajl-ruby (>= 0.7.7)
    je (0.1.3)
    jsmin (1.0.1)
    json (1.6.6)
    kgio (2.7.4)
    mime-types (1.18)
    multipart-post (1.1.5)
    newrelic_rpm (3.4.1)
    nokogiri (1.5.2)
    rack (1.4.1)
    rack-cache (1.2)
      rack (>= 0.4)
    rack-codehighlighter (0.5.0)
      nokogiri (>= 1.4.1)
      rack (>= 1.0.0)
    rack-protection (1.2.0)
      rack
    rack-test (0.6.2)
      rack (>= 1.0)
    raindrops (0.8.0)
    rake (0.9.2.2)
    rdiscount (1.6.8)
    rest-client (1.2.0)
      mime-types (>= 1.16)
    sanitize (2.0.3)
      nokogiri (>= 1.4.4, < 1.6)
    shotgun (0.9)
      rack (>= 1.0)
    sinatra (1.3.3)
      rack (~> 1.3, >= 1.3.6)
      rack-protection (~> 1.2)
      tilt (~> 1.3, >= 1.3.3)
    sinatra-assetpack (0.0.12.pre1)
      jsmin
      rack-test
      sinatra
      tilt (>= 1.3.0)
    tilt (1.3.3)
    unicorn (4.2.1)
      kgio (~> 2.6)
      rack
      raindrops (~> 0.7)
    yajl-ruby (1.1.0)

PLATFORMS
  ruby

DEPENDENCIES
  airbrake (~> 3.1.5)
  coderay
  dalli (~> 2.1.0)
  haml (= 2.2.17)
  indextank (~> 1.0.12)
  je (~> 0.1.3)
  json
  newrelic_rpm (~> 3.4.1)
  rack-cache (~> 1.2)
  rack-codehighlighter
  rake
  rdiscount (= 1.6.8)
  rest-client (= 1.2.0)
  sanitize
  shotgun (~> 0.9)
  sinatra (= 1.3.3)
  sinatra-assetpack (= 0.0.12.pre1)
  unicorn (~> 4.2.1)
