GEM
  remote: https://rubygems.org/
  specs:
    addressable (2.3.8)
    airbrake (3.1.17)
      builder
      multi_json
    builder (3.2.2)
    coderay (1.1.0)
    crass (1.0.2)
    dalli (2.1.0)
    faraday (0.9.1)
      multipart-post (>= 1.2, < 3)
    faraday_middleware (0.10.0)
      faraday (>= 0.7.4, < 0.10)
    fluent-logger (0.4.10)
      msgpack (>= 0.4.4, < 0.6.0, != 0.5.3, != 0.5.2, != 0.5.1, != 0.5.0)
      yajl-ruby (~> 1.0)
    haml (2.2.17)
    hirb (0.7.3)
    httpclient (2.5.3.3)
    indextank (1.0.13)
      faraday_middleware (>= 0.9.0)
      yajl-ruby (>= 0.7.7)
    jemalloc (0.1.9)
    jsmin (1.0.1)
    json (1.8.3)
    kgio (2.9.3)
    mime-types (2.6.1)
    mini_portile (0.6.2)
    msgpack (0.5.11)
    multi_json (1.11.2)
    multipart-post (2.0.0)
    newrelic_rpm (3.5.7.59)
    nokogiri (1.6.6.2)
      mini_portile (~> 0.6.0)
    nokogumbo (1.4.1)
      nokogiri
    parallel (0.6.5)
    rack (1.6.4)
    rack-cache (1.2)
      rack (>= 0.4)
    rack-canonical-host (0.0.9)
      addressable
      rack (~> 1.0)
    rack-codehighlighter (0.5.0)
      nokogiri (>= 1.4.1)
      rack (>= 1.0.0)
    rack-protection (1.5.3)
      rack
    rack-test (0.6.3)
      rack (>= 1.0)
    raindrops (0.15.0)
    rake (10.4.2)
    rdiscount (1.6.8)
    rest-client (1.2.0)
      mime-types (>= 1.16)
    rubyzip (1.1.7)
    sanitize (4.0.0)
      crass (~> 1.0.2)
      nokogiri (>= 1.4.4)
      nokogumbo (= 1.4.1)
    shotgun (0.9.1)
      rack (>= 1.0)
    sinatra (1.4.5)
      rack (~> 1.4)
      rack-protection (~> 1.4)
      tilt (~> 1.3, >= 1.3.4)
    sinatra-assetpack (0.3.3)
      jsmin
      rack-test
      sinatra
      tilt (>= 1.3.0, < 2.0)
    td (0.11.14)
      hirb (>= 0.4.5)
      msgpack (>= 0.4.4, < 0.5.12, != 0.5.3, != 0.5.2, != 0.5.1, != 0.5.0)
      parallel (~> 0.6.1)
      rubyzip (~> 1.1.7)
      td-client (~> 0.8.74)
      td-logger (~> 0.3.21)
      yajl-ruby (~> 1.1)
      zip-zip (~> 0.3)
    td-client (0.8.74)
      httpclient (>= 2.5.2, < 2.6.0)
      json (>= 1.7.6)
      msgpack (>= 0.4.4, < 0.6.0, != 0.5.3, != 0.5.2, != 0.5.1, != 0.5.0)
    td-logger (0.3.24)
      fluent-logger (~> 0.4.9)
      msgpack (>= 0.4.4, < 0.6.0, != 0.5.3, != 0.5.2, != 0.5.1, != 0.5.0)
      td-client (~> 0.8.66)
    tilt (1.4.1)
    unicorn (4.8.3)
      kgio (~> 2.6)
      rack
      raindrops (~> 0.7)
    unicorn-worker-killer (0.2.2)
      unicorn (~> 4)
    yajl-ruby (1.2.1)
    zip-zip (0.3)
      rubyzip (>= 1.0.0)

PLATFORMS
  ruby

DEPENDENCIES
  airbrake (~> 3.1.5)
  coderay
  dalli (~> 2.1.0)
  haml (= 2.2.17)
  indextank (~> 1.0.12)
  jemalloc (~> 0.1.7)
  newrelic_rpm (~> 3.5.7.59)
  rack-cache (~> 1.2)
  rack-canonical-host (~> 0.0.8)
  rack-codehighlighter
  rake
  rdiscount (= 1.6.8)
  rest-client (= 1.2.0)
  sanitize
  shotgun (~> 0.9)
  sinatra (= 1.4.5)
  sinatra-assetpack (= 0.3.3)
  td (= 0.11.14)
  unicorn (~> 4.8.3)
  unicorn-worker-killer (~> 0.2.0)

BUNDLED WITH
   1.10.5
